PATH
  remote: .
  specs:
    ovaltine (1.0.4)

GEM
  remote: https://rubygems.org/
  specs:
    bacon (1.2.0)
    rake (10.3.2)

PLATFORMS
  ruby

DEPENDENCIES
  bacon (~> 1.2)
  bundler (~> 1.3)
  ovaltine!
  rake (~> 10.0)
